GEM
  remote: https://rubygems.org/
  specs:
    aws-sdk (2.1.26)
      aws-sdk-resources (= 2.1.26)
    aws-sdk-core (2.1.26)
      jmespath (~> 1.0)
    aws-sdk-resources (2.1.26)
      aws-sdk-core (= 2.1.26)
    jmespath (1.1.3)
    oj (2.12.14)
    ox (2.2.1)
    terraforming (0.3.2)
      aws-sdk (~> 2.1.15)
      oj
      ox
      thor
    thor (0.19.1)

PLATFORMS
  ruby

DEPENDENCIES
  terraforming (= 0.3.2)

BUNDLED WITH
   1.10.6
