GEM
  remote: https://rubygems.org/
  specs:
    aws-sdk (2.2.1)
      aws-sdk-resources (= 2.2.1)
    aws-sdk-core (2.2.1)
      jmespath (~> 1.0)
    aws-sdk-resources (2.2.1)
      aws-sdk-core (= 2.2.1)
    jmespath (1.1.3)
    oj (2.13.1)
    ox (2.2.2)
    terraforming (0.6.0)
      aws-sdk (~> 2.2.0)
      oj
      ox
      thor
    thor (0.19.1)

PLATFORMS
  ruby

DEPENDENCIES
  terraforming (= 0.6.0)

BUNDLED WITH
   1.10.6
