GEM
  remote: https://rubygems.org/
  specs:
    aws-sdk (2.1.15)
      aws-sdk-resources (= 2.1.15)
    aws-sdk-core (2.1.15)
      jmespath (~> 1.0)
    aws-sdk-resources (2.1.15)
      aws-sdk-core (= 2.1.15)
    jmespath (1.0.2)
      multi_json (~> 1.0)
    multi_json (1.11.2)
    oj (2.12.12)
    ox (2.2.1)
    terraforming (0.3.0)
      aws-sdk (~> 2.1.15)
      oj
      ox
      thor
    thor (0.19.1)

PLATFORMS
  ruby

DEPENDENCIES
  terraforming (= 0.3.0)

BUNDLED WITH
   1.10.6
