GEM
  remote: https://rubygems.org/
  specs:
    aws-sdk (2.1.35)
      aws-sdk-resources (= 2.1.35)
    aws-sdk-core (2.1.35)
      jmespath (~> 1.0)
    aws-sdk-resources (2.1.35)
      aws-sdk-core (= 2.1.35)
    jmespath (1.1.3)
    oj (2.13.0)
    ox (2.2.2)
    terraforming (0.4.0)
      aws-sdk (~> 2.1.15)
      oj
      ox
      thor
    thor (0.19.1)

PLATFORMS
  ruby

DEPENDENCIES
  terraforming (= 0.4.0)

BUNDLED WITH
   1.10.6
