GEM
  remote: https://rubygems.org/
  specs:
    aws-sdk (2.2.25)
      aws-sdk-resources (= 2.2.25)
    aws-sdk-core (2.2.25)
      jmespath (~> 1.0)
    aws-sdk-resources (2.2.25)
      aws-sdk-core (= 2.2.25)
    jmespath (1.1.3)
    oj (2.14.6)
    ox (2.3.0)
    terraforming (0.7.0)
      aws-sdk (~> 2.2.7)
      oj
      ox
      thor
    thor (0.19.1)

PLATFORMS
  ruby

DEPENDENCIES
  terraforming (= 0.7.0)

BUNDLED WITH
   1.11.2
