GEM
  remote: https://rubygems.org/
  specs:
    aws-sdk (2.7.0)
      aws-sdk-resources (= 2.7.0)
    aws-sdk-core (2.7.0)
      aws-sigv4 (~> 1.0)
      jmespath (~> 1.0)
    aws-sdk-resources (2.7.0)
      aws-sdk-core (= 2.7.0)
    aws-sigv4 (1.0.0)
    jmespath (1.3.1)
    multi_json (1.12.1)
    terraforming (0.13.1)
      aws-sdk (~> 2.7.0)
      multi_json (~> 1.12.1)
      thor
    thor (0.19.4)

PLATFORMS
  ruby

DEPENDENCIES
  terraforming (= 0.13.1)

BUNDLED WITH
   1.13.7
