GEM
  remote: https://rubygems.org/
  specs:
    aws-sdk (2.3.9)
      aws-sdk-resources (= 2.3.9)
    aws-sdk-core (2.3.9)
      jmespath (~> 1.0)
    aws-sdk-resources (2.3.9)
      aws-sdk-core (= 2.3.9)
    jmespath (1.2.4)
      json_pure (>= 1.8.1)
    json_pure (1.8.3)
    oj (2.15.1)
    ox (2.4.1)
    terraforming (0.8.0)
      aws-sdk (~> 2.3.0)
      oj (~> 2.15.0)
      ox (~> 2.4.0)
      thor
    thor (0.19.1)

PLATFORMS
  ruby

DEPENDENCIES
  terraforming (= 0.8.0)

BUNDLED WITH
   1.12.0
