GEM
  remote: https://rubygems.org/
  specs:
    aws-sdk (2.2.5)
      aws-sdk-resources (= 2.2.5)
    aws-sdk-core (2.2.5)
      jmespath (~> 1.0)
    aws-sdk-resources (2.2.5)
      aws-sdk-core (= 2.2.5)
    jmespath (1.1.3)
    oj (2.14.0)
    ox (2.2.2)
    terraforming (0.6.2)
      aws-sdk (= 2.2.5)
      oj
      ox
      thor
    thor (0.19.1)

PLATFORMS
  ruby

DEPENDENCIES
  terraforming (= 0.6.2)

BUNDLED WITH
   1.10.6
